GEM
  remote: http://rubygems.org/
  specs:
    chunky_png (1.2.8)
    compass (0.13.alpha.4)
      chunky_png (~> 1.2)
      listen (<= 0.9.9)
      sass (~> 3.2.5)
    foreman (0.60.2)
      thor (>= 0.13.6)
    listen (0.7.3)
    rb-fsevent (0.9.3)
    sass (3.2.9)
    susy (1.0.9)
      compass (>= 0.12.2)
      sass (>= 3.2.0)
    thor (0.18.1)

PLATFORMS
  ruby

DEPENDENCIES
  compass (~> 0.13.alpha.0)
  foreman (~> 0.60.2)
  rb-fsevent (~> 0.9.1)
  susy (~> 1.0.4)
